GEM
  remote: https://rubygems.org/
  specs:
    dotenv (3.1.4)

PLATFORMS
  arm64-darwin-22

DEPENDENCIES
  dotenv

BUNDLED WITH
   2.4.10
